NUGET
  remote: http://nuget.org/api/v2
  specs:
    FAKE (4.7.1) - framework: net45
    FParsec (1.0.2) - framework: net45
    FSharp.TypeProviders.StarterPack (1.1.3.72)
    NUnit (2.6.4) - framework: net45
    NUnit.Runners (2.6.4) - framework: net45
    Thrift (0.9.1.3) - framework: net45
