NUGET
  remote: http://nuget.org/api/v2
  specs:
    FAKE (4.7.1) - framework: net45
    FParsec (1.0.2) - framework: net45
    FsCheck (2.1.0) - framework: net45
      FSharp.Core (>= 3.1.2.5)
    FsCheck.Nunit (2.1.0) - framework: net45
      FsCheck (>= 2.1.0)
      NUnit (>= 2.6.4)
      NUnit.Runners (>= 2.6.4)
    FSharp.Core (3.1.2.5)
    FsUnit (1.3.1) - framework: net45
      NUnit (2.6.4)
    NUnit (2.6.4) - framework: net45
    NUnit.Runners (2.6.4) - framework: net45
    Thrift (0.9.1.3) - framework: net45
